PATH
  remote: .
  specs:
    preval (0.6.0)

GEM
  remote: https://rubygems.org/
  specs:
    ast (2.4.0)
    bootsnap (1.4.6)
      msgpack (~> 1.0)
    jaro_winkler (1.5.4)
    minitest (5.14.0)
    msgpack (1.3.3)
    mustermann (1.1.1)
      ruby2_keywords (~> 0.0.1)
    parallel (1.19.1)
    parser (2.7.0.5)
      ast (~> 2.4.0)
    rack (2.2.2)
    rack-protection (2.0.8.1)
      rack
    rainbow (3.0.0)
    rake (13.0.1)
    rexml (3.2.4)
    rubocop (0.81.0)
      jaro_winkler (~> 1.5.1)
      parallel (~> 1.10)
      parser (>= 2.7.0.1)
      rainbow (>= 2.2.2, < 4.0)
      rexml
      ruby-progressbar (~> 1.7)
      unicode-display_width (>= 1.4.0, < 2.0)
    ruby-progressbar (1.10.1)
    ruby2_keywords (0.0.2)
    sinatra (2.0.8.1)
      mustermann (~> 1.0)
      rack (~> 2.0)
      rack-protection (= 2.0.8.1)
      tilt (~> 2.0)
    tilt (2.0.10)
    unicode-display_width (1.7.0)

PLATFORMS
  ruby

DEPENDENCIES
  bootsnap
  bundler (~> 2.0)
  minitest (~> 5.11)
  preval!
  rake (~> 13.0)
  rubocop (~> 0.71)
  sinatra

BUNDLED WITH
   2.1.2
