PATH
  remote: .
  specs:
    preval (0.4.1)

GEM
  remote: https://rubygems.org/
  specs:
    bootsnap (1.4.4)
      msgpack (~> 1.0)
    minitest (5.11.3)
    msgpack (1.2.10)
    mustermann (1.0.3)
    rack (2.0.6)
    rack-protection (2.0.5)
      rack
    rake (12.3.2)
    sinatra (2.0.5)
      mustermann (~> 1.0)
      rack (~> 2.0)
      rack-protection (= 2.0.5)
      tilt (~> 2.0)
    tilt (2.0.9)

PLATFORMS
  ruby

DEPENDENCIES
  bootsnap
  bundler (~> 2.0)
  minitest (~> 5.11)
  preval!
  rake (~> 12.3)
  sinatra

BUNDLED WITH
   2.0.1
