PATH
  remote: .
  specs:
    prepack (0.1.0)

GEM
  remote: https://rubygems.org/
  specs:
    minitest (5.11.3)
    rake (12.3.2)

PLATFORMS
  ruby

DEPENDENCIES
  bundler (~> 2.0)
  minitest (~> 5.11)
  prepack!
  rake (~> 12.0)

BUNDLED WITH
   2.0.0
